

GROUP Build
NUGET
  remote: https://www.nuget.org/api/v2
    FAKE (4.45.1)
    LibLog (4.2.6) - framework: net40
    LiteGuard.Source (1.0) - framework: net40
    Newtonsoft.Json (9.0.1) - framework: net40

GROUP Test
FRAMEWORK: NET45
NUGET
  remote: https://www.nuget.org/api/v2
    Shouldly (2.8.2)
    xunit (2.1)
      xunit.assert (2.1)
      xunit.core (2.1)
    xunit.abstractions (2.0)
    xunit.assert (2.1)
    xunit.core (2.1)
      xunit.extensibility.core (2.1)
      xunit.extensibility.execution (2.1)
    xunit.extensibility.core (2.1)
      xunit.abstractions (2.0)
    xunit.extensibility.execution (2.1)
      xunit.extensibility.core (2.1)
    xunit.runner.console (2.1)
