

GROUP Build
NUGET
  remote: https://www.nuget.org/api/v2
  specs:
    FAKE (4.21.3)
    LibLog (4.2.4) - framework: net40
    LiteGuard.Source (0.11.0) - framework: net40
    Newtonsoft.Json (7.0.1) - framework: net40

GROUP Test
FRAMEWORK: NET45
NUGET
  remote: https://www.nuget.org/api/v2
  specs:
    Shouldly (2.6.0)
    xunit (2.1.0)
      xunit.assert (2.1.0)
      xunit.core (2.1.0)
    xunit.abstractions (2.0.0)
    xunit.assert (2.1.0)
    xunit.core (2.1.0)
      xunit.extensibility.core (2.1.0)
      xunit.extensibility.execution (2.1.0)
    xunit.extensibility.core (2.1.0)
      xunit.abstractions (2.0.0)
    xunit.extensibility.execution (2.1.0)
      xunit.extensibility.core (2.1.0)
    xunit.runner.console (2.1.0)
