NUGET
  remote: https://nuget.org/api/v2
  specs:
    FAKE (4.5.2)
    LibLog (4.2.3) - framework: net40
    LiteGuard.Source (0.11.0) - framework: net40
    Newtonsoft.Json (7.0.1) - framework: net40
    Shouldly (2.6.0) - framework: net45
    xunit (2.1.0) - framework: net45
      xunit.assert (2.1.0)
      xunit.core (2.1.0)
    xunit.abstractions (2.0.0) - framework: net45
    xunit.assert (2.1.0) - framework: net45
    xunit.core (2.1.0) - framework: net45
      xunit.extensibility.core (2.1.0) - framework: dnx451, dnxcore50, monoandroid, monotouch, xamarinios, winv4.5, wpv8.1, wpv8.0, portable-net45+win80+wp80+wpa81, >= net45
      xunit.extensibility.execution (2.1.0) - framework: dnx451, dnxcore50, monoandroid, monotouch, xamarinios, winv4.5, wpv8.1, wpv8.0, portable-net45+win80+wp80+wpa81, >= net45
    xunit.extensibility.core (2.1.0) - framework: net45
      xunit.abstractions (2.0.0)
    xunit.extensibility.execution (2.1.0) - framework: net45
      xunit.extensibility.core (2.1.0) - framework: dnx451, dnxcore50, monoandroid, monotouch, xamarinios, winv4.5, wpv8.1, wpv8.0, >= net45
    xunit.runner.console (2.1.0)
