NUGET
  remote: https://www.nuget.org/api/v2
  specs:
    FAKE (4.0.2)
    LibLog (4.2.3) - framework: net40
    LiteGuard.Source (0.10.0) - framework: net40
    Newtonsoft.Json (6.0.8) - framework: net40
    Shouldly (2.5.0) - framework: net45
    xunit (2.0.0) - framework: net45
      xunit.assert (2.0.0)
      xunit.core (2.0.0)
    xunit.abstractions (2.0.0)
    xunit.assert (2.0.0)
    xunit.core (2.0.0)
      xunit.extensibility.core (2.0.0)
    xunit.extensibility.core (2.0.0)
      xunit.abstractions (2.0.0)
    xunit.runner.console (2.0.0)
