NUGET
  remote: https://www.nuget.org/api/v2
  specs:
    FAKE (3.28.0)
    LibLog (4.2.0) - framework: net40
    LiteGuard.Source (0.10.0) - framework: net40
    Newtonsoft.Json (6.0.8) - framework: net40
    Shouldly (2.4.0) - framework: net45
    xunit (1.9.2) - framework: net45
    xunit.extensions (1.9.2) - framework: net45
      xunit (1.9.2)
    xunit.runners (1.9.2)
