

GROUP Build
NUGET
  remote: https://www.nuget.org/api/v2
    FAKE (4.63)
    LibLog (4.2.6) - restriction: == net40
    LiteGuard.Source (1.1) - restriction: == net40
    Newtonsoft.Json (10.0.3) - restriction: == net40

GROUP Test
RESTRICTION: == net45
NUGET
  remote: https://www.nuget.org/api/v2
    Shouldly (2.8.3)
    xunit (2.1)
      xunit.assert (2.1)
      xunit.core (2.1)
    xunit.abstractions (2.0)
    xunit.assert (2.1)
    xunit.core (2.1)
      xunit.extensibility.core (2.1)
      xunit.extensibility.execution (2.1)
    xunit.extensibility.core (2.1)
      xunit.abstractions (2.0)
    xunit.extensibility.execution (2.1)
      xunit.extensibility.core (2.1)
    xunit.runner.console (2.1)
